GEM
  remote: https://www.rubygems.org/
  specs:
    appium_lib (8.0.0)
      awesome_print (~> 1.6)
      json (~> 1.8)
      nokogiri (~> 1.6.6)
      selenium-webdriver (~> 2.48)
      toml (~> 0.0)
    awesome_print (1.6.1)
    blankslate (2.1.2.4)
    builder (3.2.2)
    childprocess (0.5.8)
      ffi (~> 1.0, >= 1.0.11)
    cucumber (2.1.0)
      builder (>= 2.1.2)
      cucumber-core (~> 1.3.0)
      diff-lcs (>= 1.1.3)
      gherkin3 (~> 3.1.0)
      multi_json (>= 1.7.5, < 2.0)
      multi_test (>= 0.1.2)
    cucumber-core (1.3.0)
      gherkin3 (~> 3.1.0)
    diff-lcs (1.2.5)
    domain_name (0.5.25)
      unf (>= 0.0.5, < 1.0.0)
    ffi (1.9.10-x64-mingw32)
    gherkin3 (3.1.2)
    http-cookie (1.0.2)
      domain_name (~> 0.5)
    json (1.8.3)
    mime-types (2.99)
    mini_portile2 (2.0.0)
    multi_json (1.11.2)
    multi_test (0.1.2)
    netrc (0.11.0)
    nokogiri (1.6.7-x64-mingw32)
      mini_portile2 (~> 2.0.0.rc2)
    parallel (1.6.1)
    parallel_tests (2.2.0)
      parallel
    parslet (1.5.0)
      blankslate (~> 2.0)
    rake (10.4.2)
    rest-client (1.8.0-x64-mingw32)
      ffi (~> 1.9)
      http-cookie (>= 1.0.2, < 2.0)
      mime-types (>= 1.16, < 3.0)
      netrc (~> 0.7)
    rspec (3.4.0)
      rspec-core (~> 3.4.0)
      rspec-expectations (~> 3.4.0)
      rspec-mocks (~> 3.4.0)
    rspec-core (3.4.1)
      rspec-support (~> 3.4.0)
    rspec-expectations (3.4.0)
      diff-lcs (>= 1.2.0, < 2.0)
      rspec-support (~> 3.4.0)
    rspec-mocks (3.4.0)
      diff-lcs (>= 1.2.0, < 2.0)
      rspec-support (~> 3.4.0)
    rspec-support (3.4.1)
    rubyzip (1.1.7)
    sauce_whisk (0.0.19)
      json (~> 1.8.1)
      rest-client (~> 1.8.0)
    selenium-webdriver (2.48.1)
      childprocess (~> 0.5)
      multi_json (~> 1.0)
      rubyzip (~> 1.0)
      websocket (~> 1.0)
    toml (0.1.2)
      parslet (~> 1.5.0)
    unf (0.1.4)
      unf_ext
    unf_ext (0.0.7.1-x64-mingw32)
    websocket (1.2.2)

PLATFORMS
  x64-mingw32

DEPENDENCIES
  appium_lib
  cucumber (>= 2.0.0)
  parallel_tests
  rake
  rspec
  sauce_whisk

BUNDLED WITH
   1.10.6
